STORAGE: NONE
RESTRICTION: == net6.0
NUGET
  remote: https://api.nuget.org/v3/index.json
    Fable.AST (4.2)
    Fable.Browser.Blob (1.2)
      Fable.Core (>= 3.0)
      FSharp.Core (>= 4.7.2)
    Fable.Browser.Dom (2.10)
      Fable.Browser.Blob (>= 1.2)
      Fable.Browser.Event (>= 1.5)
      Fable.Browser.WebStorage (>= 1.1)
      Fable.Core (>= 3.2.8)
      FSharp.Core (>= 4.7.2)
    Fable.Browser.Event (1.5)
      Fable.Browser.Gamepad (>= 1.1)
      Fable.Core (>= 3.0)
      FSharp.Core (>= 4.7.2)
    Fable.Browser.Gamepad (1.1)
      Fable.Core (>= 3.0)
      FSharp.Core (>= 4.7.2)
    Fable.Browser.Url (1.1)
      Fable.Core (>= 3.0)
      FSharp.Core (>= 4.7.2)
    Fable.Browser.WebStorage (1.1)
      Fable.Browser.Event (>= 1.5)
      Fable.Core (>= 3.0)
      FSharp.Core (>= 4.7.2)
    Fable.Browser.XMLHttpRequest (1.2)
      Fable.Browser.Blob (>= 1.2)
      Fable.Browser.Event (>= 1.5)
      Fable.Core (>= 3.0)
      FSharp.Core (>= 4.7.2)
    Fable.Core (3.7.1)
    Fable.DateFunctions (3.9)
      Fable.Core (>= 3.1.6)
      FSharp.Core (>= 4.7.2)
    Fable.Elmish (3.1)
      Fable.Core (>= 3.0)
      FSharp.Core (>= 4.6.2)
    Fable.Parsimmon (4.1)
      Fable.Core (>= 3.0)
      FSharp.Core (>= 4.6.2)
    Fable.Promise (3.1.3)
      Fable.Core (>= 3.1.5)
      FSharp.Core (>= 4.7.2)
    Fable.React (8.0.1)
      Fable.Browser.Dom (>= 2.4.4)
      Fable.Core (>= 3.2.7)
      FSharp.Core (>= 4.7.2)
    Fable.SimpleHttp (3.5)
      Fable.Browser.Dom (>= 1.0)
      Fable.Browser.XMLHttpRequest (>= 1.1)
      Fable.Core (>= 3.0)
      FSharp.Core (>= 4.6.2)
    Fable.SimpleXml (3.3)
      Fable.Core (>= 3.0)
      Fable.Parsimmon (>= 4.1)
      FSharp.Core (>= 4.6.2)
    Fable.ZipJs (2.0.1)
      Fable.Browser.Blob (>= 1.2)
      Fable.Core (>= 3.2.9)
      FSharp.Core (>= 4.7.2)
    Feliz (1.68)
      Fable.Core (>= 3.1.5)
      Fable.React (>= 7.4)
      Feliz.CompilerPlugins (>= 1.10)
      FSharp.Core (>= 4.7.2)
    Feliz.Bulma (2.19)
      Feliz (>= 1.32)
      FSharp.Core (>= 4.7.2)
    Feliz.CompilerPlugins (1.10)
      Fable.AST (>= 3.0)
      FSharp.Core (>= 4.7.2)
    Feliz.Router (3.8)
      Fable.Core (>= 3.1.6)
      Fable.Elmish (>= 3.1)
      Feliz (>= 1.28)
      Feliz.UseListener (>= 0.6.3)
      FSharp.Core (>= 4.7.2)
    Feliz.UseDeferred (1.4.1)
      Feliz (>= 1.33.1)
      FSharp.Core (>= 4.7.2)
    Feliz.UseListener (0.6.3)
      Fable.Core (>= 3.1.6 < 4.0)
      Feliz (>= 1.17 < 2.0)
      FSharp.Core (>= 4.7.2)
    FSharp.Control.AsyncSeq (3.2.1)
      FSharp.Core (>= 4.7.2)
      Microsoft.Bcl.AsyncInterfaces (>= 5.0)
    FSharp.Core (6.0.6)
    FsToolkit.ErrorHandling (2.13)
      FSharp.Core (>= 4.7.2)
    FsToolkit.ErrorHandling.AsyncSeq (2.13)
      FSharp.Control.AsyncSeq (>= 3.2.1)
      FSharp.Core (>= 4.7.2)
      FsToolkit.ErrorHandling (>= 2.13)
    Glutinum.Feliz.Lucide (1.0.1)
      Fable.Core (>= 3.7.1)
      Fable.React (>= 8.0.1 < 9.0)
      Feliz (>= 1.68)
      FSharp.Core (>= 6.0.6)
    Glutinum.Fuse (1.0.1)
      Fable.Core (>= 3.6.2)
      FSharp.Core (>= 5.0.2)
    Microsoft.Bcl.AsyncInterfaces (6.0)
    Thoth.Json (7.0)
      Fable.Core (>= 3.1.6)
      FSharp.Core (>= 4.7.2)
GITHUB
  remote: fable-compiler/fable-compiler.github.io
    docs/scss/bulma/custom_derived_variables.scss (7d2e2c0948922c18c0e2cbd2e0b55c9ae96a0803)
    docs/scss/bulma/custom_initial_variables.scss (7d2e2c0948922c18c0e2cbd2e0b55c9ae96a0803)
    docs/scss/main.scss (7d2e2c0948922c18c0e2cbd2e0b55c9ae96a0803)
    docs/scss/utilities.scss (7d2e2c0948922c18c0e2cbd2e0b55c9ae96a0803)